PATH
  remote: .
  specs:
    foundation (3.0.0.alpha22)
      compass (= 0.12.1)
      linguistics (~> 1.0.9)
      modular-scale (~> 0.0.5)
      rake
      sass (= 3.2.0.alpha.244)

GEM
  remote: https://rubygems.org/
  specs:
    chunky_png (1.2.5)
    compass (0.12.1)
      chunky_png (~> 1.2)
      fssm (>= 0.2.7)
      sass (~> 3.1)
    fssm (0.2.9)
    linguistics (1.0.9)
    modular-scale (0.0.5)
      compass (>= 0.11.5)
    rake (0.9.2.2)
    sass (3.2.0.alpha.244)

PLATFORMS
  ruby

DEPENDENCIES
  foundation!
